GEM
  remote: https://rubygems.org/
  specs:
    activesupport (7.1.3.4)
      base64
      bigdecimal
      concurrent-ruby (~> 1.0, >= 1.0.2)
      connection_pool (>= 2.2.5)
      drb
      i18n (>= 1.6, < 2)
      minitest (>= 5.1)
      mutex_m
      tzinfo (~> 2.0)
    addressable (2.8.6)
      public_suffix (>= 2.0.2, < 6.0)
    base64 (0.2.0)
    bigdecimal (3.1.8)
    business_time (0.13.0)
      activesupport (>= 3.2.0)
      tzinfo
    concurrent-ruby (1.3.3)
    connection_pool (2.4.1)
    csv (3.3.0)
    dotenv (3.1.2)
    drb (2.2.1)
    faraday (2.9.1)
      faraday-net_http (>= 2.0, < 3.2)
    faraday-net_http (3.1.0)
      net-http
    faraday-retry (2.2.1)
      faraday (~> 2.0)
    gruff (0.25.0)
      bigdecimal (>= 3.0)
      histogram
      rmagick (>= 5.5)
    histogram (0.2.4.1)
    i18n (1.14.5)
      concurrent-ruby (~> 1.0)
    minitest (5.23.1)
    mutex_m (0.2.0)
    net-http (0.4.1)
      uri
    observer (0.1.2)
    octokit (8.1.0)
      base64
      faraday (>= 1, < 3)
      sawyer (~> 0.9)
    pkg-config (1.5.6)
    public_suffix (5.0.5)
    rmagick (6.0.1)
      observer (~> 0.1)
      pkg-config (~> 1.4)
    sawyer (0.9.2)
      addressable (>= 2.3.5)
      faraday (>= 0.17.3, < 3)
    tzinfo (2.0.6)
      concurrent-ruby (~> 1.0)
    uri (0.13.0)

PLATFORMS
  arm64-darwin-23
  ruby

DEPENDENCIES
  business_time (~> 0.13.0)
  csv (~> 3.3)
  dotenv (~> 3.1)
  faraday-retry (~> 2.2)
  gruff (~> 0.25.0)
  octokit (~> 8.1)

BUNDLED WITH
   2.5.3
